GEM
  remote: https://rubygems.org/
  specs:
    amq-protocol (1.9.2)
    bunny (1.1.9)
      amq-protocol (>= 1.9.2)
    haml (4.0.5)
      tilt
    json (1.8.1)
    tilt (1.4.1)

PLATFORMS
  ruby

DEPENDENCIES
  bunny (~> 1.1.0)
  haml (~> 4.0.5)
  json (~> 1.8.1)
